GEM
  remote: https://rubygems.org/
  specs:
    colorize (1.0.1)
    mini_portile2 (2.8.2)
    sqlite3 (1.6.3)
      mini_portile2 (~> 2.8.0)
    terminal-table (3.0.2)
      unicode-display_width (>= 1.1.1, < 3)
    unicode-display_width (2.4.2)

PLATFORMS
  ruby

DEPENDENCIES
  colorize
  sqlite3 (~> 1.3, >= 1.3.11)
  terminal-table (~> 3.0.0)

BUNDLED WITH
   2.1.4
